GEM
  remote: https://rubygems.org/
  specs:
    colorize (0.5.8)
    rake (0.9.2.2)

PLATFORMS
  ruby

DEPENDENCIES
  colorize
  rake
