GEM
  remote: https://rubygems.org/
  specs:
    activemodel (3.2.6)
      activesupport (= 3.2.6)
      builder (~> 3.0.0)
    activerecord (3.2.6)
      activemodel (= 3.2.6)
      activesupport (= 3.2.6)
      arel (~> 3.0.2)
      tzinfo (~> 0.3.29)
    activesupport (3.2.6)
      i18n (~> 0.6)
      multi_json (~> 1.0)
    archive-tar-minitar (0.5.2)
    arel (3.0.2)
    builder (3.0.4)
    childprocess (0.3.2)
      ffi (~> 1.0.6)
    coderay (1.0.8)
    colored (1.2)
    erubis (2.7.0)
    ffi (1.0.11)
    i18n (0.6.0)
    json (1.5.4)
    log4r (1.1.10)
    method_source (0.8.1)
    multi_json (1.3.6)
    net-scp (1.0.4)
      net-ssh (>= 1.99.1)
    net-ssh (2.2.2)
    pry (0.9.10)
      coderay (~> 1.0.5)
      method_source (~> 0.8)
      slop (~> 3.3.1)
    rake (0.9.2.2)
    slop (3.3.3)
    sqlite3 (1.3.6)
    time_diff (0.2.2)
      activesupport
      i18n
    tzinfo (0.3.34)
    vagrant (1.0.3)
      archive-tar-minitar (= 0.5.2)
      childprocess (~> 0.3.1)
      erubis (~> 2.7.0)
      i18n (~> 0.6.0)
      json (~> 1.5.1)
      log4r (~> 1.1.9)
      net-scp (~> 1.0.4)
      net-ssh (~> 2.2.2)
    vagrant-vbguest (0.3.2)
      vagrant (>= 0.9.4)

PLATFORMS
  ruby

DEPENDENCIES
  activerecord
  colored
  json (~> 1.5.1)
  pry
  rake
  sqlite3
  time_diff
  vagrant (~> 1.0.3)
  vagrant-vbguest
